GEM
  remote: https://rubygems.org/
  specs:
    ansi (1.5.0)
    ast (2.4.0)
    coderay (1.1.2)
    httpclient (2.8.3)
    line-bot-api (1.9.0)
    method_source (0.9.2)
    oga (2.15)
      ast
      ruby-ll (~> 2.1)
    pry (0.12.2)
      coderay (~> 1.1.0)
      method_source (~> 0.9.0)
    ruby-ll (2.1.2)
      ansi
      ast

PLATFORMS
  ruby

DEPENDENCIES
  httpclient
  line-bot-api
  oga
  pry

BUNDLED WITH
   2.0.1
