GEM
  remote: https://rubygems.org/
  specs:
    line-bot-api (1.9.0)

PLATFORMS
  ruby

DEPENDENCIES
  line-bot-api

BUNDLED WITH
   2.0.1
