GEM
  remote: https://rubygems.org/
  specs:
    ansi (1.5.0)
    ast (2.4.0)
    builder (3.2.3)
    coderay (1.1.2)
    httpclient (2.8.3)
    line-bot-api (1.9.0)
    method_source (0.9.2)
    minitest (5.11.3)
    minitest-reporters (1.3.6)
      ansi
      builder
      minitest (>= 5.0)
      ruby-progressbar
    oga (2.15)
      ast
      ruby-ll (~> 2.1)
    pry (0.12.2)
      coderay (~> 1.1.0)
      method_source (~> 0.9.0)
    ruby-ll (2.1.2)
      ansi
      ast
    ruby-progressbar (1.10.0)

PLATFORMS
  ruby

DEPENDENCIES
  httpclient
  line-bot-api
  minitest
  minitest-reporters
  oga
  pry

BUNDLED WITH
   2.0.1
